PATH
  remote: .
  specs:
    spyrl (0.0.1)
      delve

GEM
  remote: https://rubygems.org/
  specs:
    delve (0.0.6)
      perlin_noise
    perlin_noise (0.1.2)
    rake (10.1.1)

PLATFORMS
  ruby

DEPENDENCIES
  bundler
  rake
  spyrl!
